PATH
  remote: .
  specs:
    lumberjack_redis_device (1.0.0)
      lumberjack (>= 2.0)
      multi_json
      redis

GEM
  remote: https://rubygems.org/
  specs:
    diff-lcs (1.3)
    fakeredis (0.7.0)
      redis (>= 3.2, < 5.0)
    lumberjack (2.0.0)
    multi_json (1.13.1)
    rake (13.0.0)
    redis (4.1.3)
    rspec (3.8.0)
      rspec-core (~> 3.8.0)
      rspec-expectations (~> 3.8.0)
      rspec-mocks (~> 3.8.0)
    rspec-core (3.8.2)
      rspec-support (~> 3.8.0)
    rspec-expectations (3.8.4)
      diff-lcs (>= 1.2.0, < 2.0)
      rspec-support (~> 3.8.0)
    rspec-mocks (3.8.1)
      diff-lcs (>= 1.2.0, < 2.0)
      rspec-support (~> 3.8.0)
    rspec-support (3.8.2)

PLATFORMS
  ruby

DEPENDENCIES
  fakeredis
  lumberjack_redis_device!
  rake
  rspec (~> 3.0)

BUNDLED WITH
   2.0.2
